GIT
  remote: https://github.com/alexpeattie/heroku_secrets
  revision: 717af8e0acf399bc88d2c8c1a7e230023942af0f
  specs:
    heroku_secrets (0.0.2)

GIT
  remote: https://github.com/gadzorg/GorgEngine
  revision: caa7f9995eddcdc221e6859cee5a6052614596ff
  ref: caa7f9
  specs:
    gorg_engine (1.2.4)
      cancancan
      devise (>= 4.1.1)
      devise_masquerade
      gorg_slack_chat
      gram_v2_client
      haml-rails (>= 0.9)
      jquery-rails
      jquery-ui-rails
      materialize-sass (>= 0.98.0)
      mysql2
      omniauth
      rails (>= 4.2.8)
      sass-rails (>= 5.0)
      simple_form
      uglifier (>= 1.3.0)
      unobtrusive_flash (>= 3)
      virtus
      will_paginate (>= 3.0.0)

GIT
  remote: https://github.com/gadzorg/configurable_engine
  revision: c3976312765708af168fb5c248e8aaad1be87857
  ref: v0.4.8
  specs:
    configurable_engine (0.4.8)
      rails (> 3.1.0)

GIT
  remote: https://github.com/gadzorg/gram2_api_client_ruby.git
  revision: 7aa3cd2015c490ac864c1a694a92f146e737c410
  ref: 7aa3cd20
  specs:
    gram_v2_client (3.0.4)
      activeresource (>= 4.0)

GIT
  remote: https://github.com/gadzorg/yaml_db
  revision: 1954645c7f89c3a01d61a5d649c85775fd41270f
  specs:
    yaml_db (0.7.0)
      rails (>= 3.0)
      rake (>= 0.8.7)

GIT
  remote: https://github.com/loocla/omniauth-cas.git
  revision: 16395f85579dc915c0e22f80b4f5d98a019e37ec
  branch: saml
  specs:
    omniauth-cas (1.0.1)
      addressable (~> 2.3)
      nokogiri (~> 1.5)
      omniauth (~> 1.1.0)

GEM
  remote: https://rubygems.org/
  specs:
    RubyInline (3.12.4)
      ZenTest (~> 4.3)
    ZenTest (4.11.2)
    actionmailer (4.2.11.1)
      actionpack (= 4.2.11.1)
      actionview (= 4.2.11.1)
      activejob (= 4.2.11.1)
      mail (~> 2.5, >= 2.5.4)
      rails-dom-testing (~> 1.0, >= 1.0.5)
    actionpack (4.2.11.1)
      actionview (= 4.2.11.1)
      activesupport (= 4.2.11.1)
      rack (~> 1.6)
      rack-test (~> 0.6.2)
      rails-dom-testing (~> 1.0, >= 1.0.5)
      rails-html-sanitizer (~> 1.0, >= 1.0.2)
    actionview (4.2.11.1)
      activesupport (= 4.2.11.1)
      builder (~> 3.1)
      erubis (~> 2.7.0)
      rails-dom-testing (~> 1.0, >= 1.0.5)
      rails-html-sanitizer (~> 1.0, >= 1.0.3)
    activejob (4.2.11.1)
      activesupport (= 4.2.11.1)
      globalid (>= 0.3.0)
    activemodel (4.2.11.1)
      activesupport (= 4.2.11.1)
      builder (~> 3.1)
    activerecord (4.2.11.1)
      activemodel (= 4.2.11.1)
      activesupport (= 4.2.11.1)
      arel (~> 6.0)
    activeresource (4.1.0)
      activemodel (~> 4.0)
      activesupport (~> 4.0)
      rails-observers (~> 0.1.2)
    activesupport (4.2.11.1)
      i18n (~> 0.7)
      minitest (~> 5.1)
      thread_safe (~> 0.3, >= 0.3.4)
      tzinfo (~> 1.1)
    addressable (2.7.0)
      public_suffix (>= 2.0.2, < 5.0)
    annotate (2.7.5)
      activerecord (>= 3.2, < 7.0)
      rake (>= 10.4, < 13.0)
    arel (6.0.4)
    awesome_print (1.8.0)
    axiom-types (0.1.1)
      descendants_tracker (~> 0.0.4)
      ice_nine (~> 0.11.0)
      thread_safe (~> 0.3, >= 0.3.1)
    backports (3.15.0)
    bcrypt (3.1.13)
    better_errors (2.5.1)
      coderay (>= 1.0.0)
      erubi (>= 1.0.0)
      rack (>= 0.9.0)
    binding_of_caller (0.8.0)
      debug_inspector (>= 0.0.1)
    bootstrap-tooltip-rails (0.1)
      rails (>= 3.1)
      thor
    builder (3.2.3)
    byebug (11.0.1)
    cancancan (3.0.1)
    capybara (3.15.1)
      addressable
      mini_mime (>= 0.1.3)
      nokogiri (~> 1.8)
      rack (>= 1.6.0)
      rack-test (>= 0.6.3)
      regexp_parser (~> 1.2)
      xpath (~> 3.2)
    chartkick (3.2.1)
    choice (0.2.0)
    coderay (1.1.2)
    coercible (1.0.0)
      descendants_tracker (~> 0.0.1)
    concurrent-ruby (1.1.5)
    crack (0.4.3)
      safe_yaml (~> 1.0.0)
    crass (1.0.4)
    css_parser (1.7.0)
      addressable
    cucumber (3.1.2)
      builder (>= 2.1.2)
      cucumber-core (~> 3.2.0)
      cucumber-expressions (~> 6.0.1)
      cucumber-wire (~> 0.0.1)
      diff-lcs (~> 1.3)
      gherkin (~> 5.1.0)
      multi_json (>= 1.7.5, < 2.0)
      multi_test (>= 0.1.2)
    cucumber-core (3.2.1)
      backports (>= 3.8.0)
      cucumber-tag_expressions (~> 1.1.0)
      gherkin (~> 5.0)
    cucumber-expressions (6.0.1)
    cucumber-rails (1.8.0)
      capybara (>= 2.12, < 4)
      cucumber (>= 3.0.2, < 4)
      mime-types (>= 2.0, < 4)
      nokogiri (~> 1.8)
      railties (>= 4.2, < 7)
    cucumber-tag_expressions (1.1.1)
    cucumber-wire (0.0.1)
    database_cleaner (1.7.0)
    debug_inspector (0.0.3)
    descendants_tracker (0.0.4)
      thread_safe (~> 0.3, >= 0.3.1)
    devise (4.1.1)
      bcrypt (~> 3.0)
      orm_adapter (~> 0.1)
      railties (>= 4.1.0, < 5.1)
      responders
      warden (~> 1.2.3)
    devise_masquerade (0.6.2)
      devise (>= 2.1.0)
      railties (>= 3.0)
    diff-lcs (1.3)
    docile (1.3.2)
    email_validator (2.0.1)
      activemodel
    equalizer (0.0.11)
    erubi (1.8.0)
    erubis (2.7.0)
    execjs (2.7.0)
    factory_bot (5.0.2)
      activesupport (>= 4.2.0)
    factory_bot_rails (5.0.2)
      factory_bot (~> 5.0.2)
      railties (>= 4.2.0)
    faker (2.2.1)
      i18n (>= 0.8)
    ffi (1.9.25)
    fuzzy-string-match (1.0.1)
      RubyInline (>= 3.8.6)
    geocoder (1.5.1)
    gherkin (5.1.0)
    globalid (0.4.2)
      activesupport (>= 4.2.0)
    gon (6.1.0)
      actionpack (>= 3.0)
      json
      multi_json
      request_store (>= 1.0)
    gorg_slack_chat (0.1.3)
      gon (~> 6.1.0)
      jquery-rails (~> 4.2.2)
      jquery-ui-rails (~> 6.0.1)
      rails (>= 4.2.3)
    haml (4.0.7)
      tilt
    haml-rails (0.9.0)
      actionpack (>= 4.0.1)
      activesupport (>= 4.0.1)
      haml (>= 4.0.6, < 5.0)
      html2haml (>= 1.0.1)
      railties (>= 4.0.1)
    hashdiff (1.0.0)
    hashie (2.1.2)
    hirb (0.7.3)
    html2haml (2.2.0)
      erubis (~> 2.7.0)
      haml (>= 4.0, < 6)
      nokogiri (>= 1.6.0)
      ruby_parser (~> 3.5)
    htmlentities (4.3.4)
    i18n (0.9.5)
      concurrent-ruby (~> 1.0)
    ice_nine (0.11.2)
    jbuilder (2.9.1)
      activesupport (>= 4.2.0)
    jquery-rails (4.2.2)
      rails-dom-testing (>= 1, < 3)
      railties (>= 4.2.0)
      thor (>= 0.14, < 2.0)
    jquery-ui-rails (6.0.1)
      railties (>= 3.2.16)
    jquery-validation-rails (1.19.0)
    json (2.2.0)
    launchy (2.4.3)
      addressable (~> 2.3)
    letter_opener (1.7.0)
      launchy (~> 2.2)
    libv8 (3.16.14.19)
    loofah (2.2.3)
      crass (~> 1.0.2)
      nokogiri (>= 1.5.9)
    mail (2.7.1)
      mini_mime (>= 0.1.1)
    materialize-sass (0.98.2)
      sass (~> 3.3)
    method_source (0.9.2)
    mime-types (3.3)
      mime-types-data (~> 3.2015)
    mime-types-data (3.2019.0904)
    mini_mime (1.0.2)
    mini_portile2 (2.4.0)
    minitest (5.11.3)
    multi_json (1.13.1)
    multi_test (0.1.2)
    mysql2 (0.4.10)
    nio4r (2.5.1)
    nokogiri (1.10.4)
      mini_portile2 (~> 2.4.0)
    omniauth (1.1.4)
      hashie (>= 1.2, < 3)
      rack
    orm_adapter (0.5.0)
    phonelib (0.6.37)
    premailer (1.11.1)
      addressable
      css_parser (>= 1.6.0)
      htmlentities (>= 4.0.0)
    premailer-rails (1.10.3)
      actionmailer (>= 3)
      premailer (~> 1.7, >= 1.7.9)
    pry (0.12.2)
      coderay (~> 1.1.0)
      method_source (~> 0.9.0)
    pry-byebug (3.7.0)
      byebug (~> 11.0)
      pry (~> 0.10)
    pry-rails (0.3.9)
      pry (>= 0.10.4)
    public_suffix (4.0.1)
    puma (4.1.1)
      nio4r (~> 2.0)
    quiet_assets (1.1.0)
      railties (>= 3.1, < 5.0)
    rack (1.6.11)
    rack-mini-profiler (1.0.2)
      rack (>= 1.2.0)
    rack-test (0.6.3)
      rack (>= 1.0)
    rails (4.2.11.1)
      actionmailer (= 4.2.11.1)
      actionpack (= 4.2.11.1)
      actionview (= 4.2.11.1)
      activejob (= 4.2.11.1)
      activemodel (= 4.2.11.1)
      activerecord (= 4.2.11.1)
      activesupport (= 4.2.11.1)
      bundler (>= 1.3.0, < 2.0)
      railties (= 4.2.11.1)
      sprockets-rails
    rails-deprecated_sanitizer (1.0.3)
      activesupport (>= 4.2.0.alpha)
    rails-dom-testing (1.0.9)
      activesupport (>= 4.2.0, < 5.0)
      nokogiri (~> 1.6)
      rails-deprecated_sanitizer (>= 1.0.1)
    rails-erd (1.6.0)
      activerecord (>= 4.2)
      activesupport (>= 4.2)
      choice (~> 0.2.0)
      ruby-graphviz (~> 1.2)
    rails-html-sanitizer (1.2.0)
      loofah (~> 2.2, >= 2.2.2)
    rails-observers (0.1.5)
      activemodel (>= 4.0)
    rails4-autocomplete (1.1.1)
      rails (>= 3.0)
    rails_12factor (0.0.3)
      rails_serve_static_assets
      rails_stdout_logging
    rails_serve_static_assets (0.0.5)
    rails_stdout_logging (0.0.5)
    railties (4.2.11.1)
      actionpack (= 4.2.11.1)
      activesupport (= 4.2.11.1)
      rake (>= 0.8.7)
      thor (>= 0.18.1, < 2.0)
    rake (12.3.3)
    rb-fsevent (0.10.3)
    rb-inotify (0.9.10)
      ffi (>= 0.5.0, < 2)
    rdoc (6.2.0)
    recaptcha (5.1.0)
      json
    ref (2.0.0)
    regexp_parser (1.6.0)
    request_store (1.4.1)
      rack (>= 1.4)
    responders (2.4.0)
      actionpack (>= 4.2.0, < 5.3)
      railties (>= 4.2.0, < 5.3)
    rspec-core (3.8.2)
      rspec-support (~> 3.8.0)
    rspec-expectations (3.8.4)
      diff-lcs (>= 1.2.0, < 2.0)
      rspec-support (~> 3.8.0)
    rspec-mocks (3.8.1)
      diff-lcs (>= 1.2.0, < 2.0)
      rspec-support (~> 3.8.0)
    rspec-rails (3.8.2)
      actionpack (>= 3.0)
      activesupport (>= 3.0)
      railties (>= 3.0)
      rspec-core (~> 3.8.0)
      rspec-expectations (~> 3.8.0)
      rspec-mocks (~> 3.8.0)
      rspec-support (~> 3.8.0)
    rspec-support (3.8.2)
    ruby-graphviz (1.2.4)
    ruby_parser (3.11.0)
      sexp_processor (~> 4.9)
    safe_attributes (1.0.10)
      activerecord (>= 3.0.0)
    safe_yaml (1.0.5)
    sass (3.5.6)
      sass-listen (~> 4.0.0)
    sass-listen (4.0.0)
      rb-fsevent (~> 0.9, >= 0.9.4)
      rb-inotify (~> 0.9, >= 0.9.7)
    sass-rails (5.0.7)
      railties (>= 4.0.0, < 6)
      sass (~> 3.1)
      sprockets (>= 2.8, < 4.0)
      sprockets-rails (>= 2.0, < 4.0)
      tilt (>= 1.1, < 3)
    sdoc (1.0.0)
      rdoc (>= 5.0)
    sexp_processor (4.11.0)
    shoulda-matchers (4.0.1)
      activesupport (>= 4.2.0)
    simple_form (4.0.0)
      actionpack (> 4)
      activemodel (> 4)
    simplecov (0.17.1)
      docile (~> 1.1)
      json (>= 1.8, < 3)
      simplecov-html (~> 0.10.0)
    simplecov-html (0.10.2)
    sprockets (3.7.2)
      concurrent-ruby (~> 1.0)
      rack (> 1, < 3)
    sprockets-rails (3.2.1)
      actionpack (>= 4.0)
      activesupport (>= 4.0)
      sprockets (>= 3.0.0)
    therubyracer (0.12.3)
      libv8 (~> 3.16.14.15)
      ref
    thor (0.20.3)
    thread_safe (0.3.6)
    tilt (2.0.8)
    tzinfo (1.2.5)
      thread_safe (~> 0.1)
    uglifier (4.1.20)
      execjs (>= 0.3.0, < 3)
    unobtrusive_flash (3.3.1)
      railties
    virtus (1.0.5)
      axiom-types (~> 0.1)
      coercible (~> 1.0)
      descendants_tracker (~> 0.0, >= 0.0.3)
      equalizer (~> 0.0, >= 0.0.9)
    warden (1.2.7)
      rack (>= 1.0)
    web-console (3.3.0)
      activemodel (>= 4.2)
      debug_inspector
      railties (>= 4.2)
    webmock (3.7.4)
      addressable (>= 2.3.6)
      crack (>= 0.3.2)
      hashdiff (>= 0.4.0, < 2.0.0)
    will_paginate (3.0.12)
    xpath (3.2.0)
      nokogiri (~> 1.8)

PLATFORMS
  ruby

DEPENDENCIES
  activeresource
  annotate
  awesome_print
  better_errors
  binding_of_caller
  bootstrap-tooltip-rails
  cancancan
  capybara
  chartkick
  configurable_engine!
  cucumber-rails
  database_cleaner
  email_validator
  execjs
  factory_bot_rails
  faker
  fuzzy-string-match
  geocoder
  gorg_engine!
  gram_v2_client!
  haml-rails
  heroku_secrets!
  hirb
  i18n
  jbuilder
  jquery-validation-rails
  launchy
  letter_opener
  materialize-sass (< 1)
  mysql2 (~> 0.4.10)
  nokogiri
  omniauth-cas!
  phonelib
  premailer-rails
  pry-byebug
  pry-rails
  puma
  quiet_assets
  rack-mini-profiler
  rails (= 4.2.11.1)
  rails-erd
  rails4-autocomplete
  rails_12factor
  recaptcha
  rspec-rails
  safe_attributes
  sass-rails
  sdoc
  shoulda-matchers
  simple_form
  simplecov
  therubyracer
  uglifier
  unobtrusive_flash
  web-console
  webmock
  yaml_db!

RUBY VERSION
   ruby 2.6.4p104

BUNDLED WITH
   1.17.3
